PATH
  remote: .
  specs:
    kitcheck-unit (1.7.0)

GEM
  remote: https://rubygems.org/
  specs:
    activesupport (6.0.4.4)
      concurrent-ruby (~> 1.0, >= 1.0.2)
      i18n (>= 0.7, < 2)
      minitest (~> 5.1)
      tzinfo (~> 1.1)
      zeitwerk (~> 2.2, >= 2.2.2)
    byebug (11.1.3)
    coderay (1.1.3)
    concurrent-ruby (1.1.9)
    i18n (1.5.1)
      concurrent-ruby (~> 1.0)
    method_source (1.0.0)
    minitest (5.15.0)
    pry (0.13.1)
      coderay (~> 1.1)
      method_source (~> 1.0)
    pry-byebug (3.9.0)
      byebug (~> 11.0)
      pry (~> 0.13.0)
    racc (1.6.0)
    rake (11.3.0)
    rexical (1.0.7)
    shoulda (3.6.0)
      shoulda-context (~> 1.0, >= 1.0.1)
      shoulda-matchers (~> 3.0)
    shoulda-context (1.2.2)
    shoulda-matchers (3.1.3)
      activesupport (>= 4.0.0)
    thread_safe (0.3.6)
    tzinfo (1.2.9)
      thread_safe (~> 0.1)
    zeitwerk (2.5.3)

PLATFORMS
  ruby

DEPENDENCIES
  bundler (~> 1.3)
  i18n (= 1.5.1)
  kitcheck-unit!
  pry (~> 0.10)
  pry-byebug (= 3.9)
  racc (~> 1.4)
  rake (~> 11.1)
  rexical (~> 1.0)
  shoulda (~> 3.5)

BUNDLED WITH
   1.17.3
