PATH
  remote: .
  specs:
    kitcheck-unit (1.7.0)

GEM
  remote: http://gems.kitcheck.com/
  specs:
    activesupport (5.2.3)
      concurrent-ruby (~> 1.0, >= 1.0.2)
      i18n (>= 0.7, < 2)
      minitest (~> 5.1)
      tzinfo (~> 1.1)
    byebug (3.5.1)
      columnize (~> 0.8)
      debugger-linecache (~> 1.2)
      slop (~> 3.6)
    coderay (1.1.2)
    columnize (0.9.0)
    concurrent-ruby (1.1.5)
    debugger-linecache (1.2.0)
    i18n (1.5.1)
      concurrent-ruby (~> 1.0)
    method_source (0.9.2)
    minitest (5.12.2)
    pry (0.12.2)
      coderay (~> 1.1.0)
      method_source (~> 0.9.0)
    pry-byebug (2.0.0)
      byebug (~> 3.4)
      pry (~> 0.10)
    racc (1.4.15)
    rake (11.3.0)
    rexical (1.0.7)
    shoulda (3.5.0)
      shoulda-context (~> 1.0, >= 1.0.1)
      shoulda-matchers (>= 1.4.1, < 3.0)
    shoulda-context (1.2.2)
    shoulda-matchers (2.8.0)
      activesupport (>= 3.0.0)
    slop (3.6.0)
    thread_safe (0.3.6)
    tzinfo (1.2.5)
      thread_safe (~> 0.1)

PLATFORMS
  ruby

DEPENDENCIES
  bundler (~> 1.3)
  i18n (= 1.5.1)
  kitcheck-unit!
  pry (~> 0.10)
  pry-byebug (= 2.0)
  racc (~> 1.4)
  rake (~> 11.1)
  rexical (~> 1.0)
  shoulda (~> 3.5)

BUNDLED WITH
   1.17.3
